PATH
  remote: .
  specs:
    ratis (3.6.4)
      hashie (~> 3.3, >= 3.3.1)
      nesty (~> 1.0, >= 1.0.2)
      savon (< 2.0)

GEM
  remote: https://rubygems.org/
  specs:
    activesupport (3.2.17)
      i18n (~> 0.6, >= 0.6.4)
      multi_json (~> 1.0)
    addressable (2.3.5)
    akami (1.2.2)
      gyoku (>= 0.4.0)
      nokogiri
    builder (3.2.2)
    byebug (2.7.0)
      columnize (~> 0.3)
      debugger-linecache (~> 1.2)
    chronic (0.10.2)
    columnize (0.3.6)
    crack (0.4.2)
      safe_yaml (~> 1.0.0)
    debugger-linecache (1.2.0)
    diff-lcs (1.2.5)
    docile (1.1.3)
    gyoku (0.4.6)
      builder (>= 2.1.2)
    hashdiff (0.1.1)
    hashie (3.3.1)
    httpi (1.1.1)
      rack
    i18n (0.6.9)
    mini_portile (0.5.2)
    multi_json (1.9.0)
    nesty (1.0.2)
    nokogiri (1.6.1)
      mini_portile (~> 0.5.0)
    nori (1.1.5)
    rack (1.5.2)
    rake (10.1.1)
    redcarpet (2.1.1)
    rspec (2.14.1)
      rspec-core (~> 2.14.0)
      rspec-expectations (~> 2.14.0)
      rspec-mocks (~> 2.14.0)
    rspec-core (2.14.8)
    rspec-expectations (2.14.5)
      diff-lcs (>= 1.1.3, < 2.0)
    rspec-instafail (0.2.4)
    rspec-mocks (2.14.6)
    safe_yaml (1.0.1)
    savon (1.2.0)
      akami (~> 1.2.0)
      builder (>= 2.1.2)
      gyoku (~> 0.4.5)
      httpi (~> 1.1.0)
      nokogiri (>= 1.4.0)
      nori (~> 1.1.0)
      wasabi (~> 2.5.0)
    simplecov (0.8.2)
      docile (~> 1.1.0)
      multi_json
      simplecov-html (~> 0.8.0)
    simplecov-html (0.8.0)
    vcr (2.8.0)
    wasabi (2.5.1)
      httpi (~> 1.0)
      nokogiri (>= 1.4.0)
    webmock (1.17.4)
      addressable (>= 2.2.7)
      crack (>= 0.3.2)

PLATFORMS
  ruby

DEPENDENCIES
  activesupport (< 4.0)
  bundler (~> 1.5)
  byebug (~> 2.7)
  chronic (~> 0.10)
  hashdiff (~> 0.1)
  nokogiri (~> 1.6)
  rake (~> 10.1)
  ratis!
  redcarpet (~> 2.1)
  rspec (~> 2.14)
  rspec-instafail (~> 0.2)
  simplecov (~> 0.8)
  vcr (~> 2.8)
  webmock (~> 1.17)
