PATH
  remote: .
  specs:
    ratis (2.5.2.8)
      savon (< 2.0)

GEM
  remote: http://rubygems.org/
  specs:
    activesupport (3.2.6)
      i18n (~> 0.6)
      multi_json (~> 1.0)
    addressable (2.2.8)
    akami (1.2.0)
      gyoku (>= 0.4.0)
      nokogiri (>= 1.4.0)
    builder (3.2.0)
    columnize (0.3.6)
    crack (0.3.1)
    diff-lcs (1.2.3)
    gyoku (0.4.6)
      builder (>= 2.1.2)
    hashdiff (0.0.5)
    httpi (1.1.1)
      rack
    i18n (0.6.0)
    linecache (0.46)
      rbx-require-relative (> 0.0.4)
    multi_json (1.3.6)
    nokogiri (1.5.9)
    nori (1.1.5)
    rack (1.5.2)
    rake (10.0.4)
    rbx-require-relative (0.0.9)
    redcarpet (2.1.1)
    rspec (2.13.0)
      rspec-core (~> 2.13.0)
      rspec-expectations (~> 2.13.0)
      rspec-mocks (~> 2.13.0)
    rspec-core (2.13.1)
    rspec-expectations (2.13.0)
      diff-lcs (>= 1.1.3, < 2.0)
    rspec-mocks (2.13.1)
    ruby-debug (0.10.4)
      columnize (>= 0.1)
      ruby-debug-base (~> 0.10.4.0)
    ruby-debug-base (0.10.4)
      linecache (>= 0.3)
    savon (1.2.0)
      akami (~> 1.2.0)
      builder (>= 2.1.2)
      gyoku (~> 0.4.5)
      httpi (~> 1.1.0)
      nokogiri (>= 1.4.0)
      nori (~> 1.1.0)
      wasabi (~> 2.5.0)
    simplecov (0.6.4)
      multi_json (~> 1.0)
      simplecov-html (~> 0.5.3)
    simplecov-html (0.5.3)
    vcr (2.4.0)
    wasabi (2.5.1)
      httpi (~> 1.0)
      nokogiri (>= 1.4.0)
    webmock (1.8.7)
      addressable (>= 2.2.7)
      crack (>= 0.1.7)
    yard (0.8.2.1)

PLATFORMS
  ruby

DEPENDENCIES
  activesupport
  bundler (>= 1.0.0)
  hashdiff
  rake
  ratis!
  redcarpet
  rspec (~> 2.13.0)
  ruby-debug
  simplecov
  vcr
  webmock
  yard
